PATH
  remote: .
  specs:
    rubycas-client (3.0.2.2)
      activesupport
      dalli (>= 2.0)
      dice_bag (>= 0.9, < 2.0)

GEM
  remote: https://rubygems.org/
  specs:
    actionpack (3.2.22.5)
      activemodel (= 3.2.22.5)
      activesupport (= 3.2.22.5)
      builder (~> 3.0.0)
      erubis (~> 2.7.0)
      journey (~> 1.0.4)
      rack (~> 1.4.5)
      rack-cache (~> 1.2)
      rack-test (~> 0.6.1)
      sprockets (~> 2.2.1)
    activemodel (3.2.22.5)
      activesupport (= 3.2.22.5)
      builder (~> 3.0.0)
    activerecord (3.2.22.5)
      activemodel (= 3.2.22.5)
      activesupport (= 3.2.22.5)
      arel (~> 3.0.2)
      tzinfo (~> 0.3.29)
    activesupport (3.2.22.5)
      i18n (~> 0.6, >= 0.6.4)
      multi_json (~> 1.0)
    arel (3.0.3)
    builder (3.0.4)
    coderay (1.1.2)
    concurrent-ruby (1.0.5)
    dalli (2.7.8)
    database_cleaner (0.9.1)
    dice_bag (1.3.3)
      diff-lcs (~> 1.0)
      rake
      thor (~> 0.0)
    diff-lcs (1.3)
    docile (1.1.5)
    erubis (2.7.0)
    ffi (1.9.21)
    formatador (0.2.5)
    git (1.3.0)
    guard (2.14.2)
      formatador (>= 0.2.4)
      listen (>= 2.7, < 4.0)
      lumberjack (>= 1.0.12, < 2.0)
      nenv (~> 0.1)
      notiffany (~> 0.0)
      pry (>= 0.9.12)
      shellany (~> 0.0)
      thor (>= 0.18.1)
    guard-compat (1.2.1)
    guard-rspec (4.7.3)
      guard (~> 2.1)
      guard-compat (~> 1.1)
      rspec (>= 2.99.0, < 4.0)
    hike (1.2.3)
    i18n (0.9.5)
      concurrent-ruby (~> 1.0)
    jeweler (1.8.4)
      bundler (~> 1.0)
      git (>= 1.2.5)
      rake
      rdoc
    journey (1.0.4)
    json (2.1.0)
    listen (3.1.5)
      rb-fsevent (~> 0.9, >= 0.9.4)
      rb-inotify (~> 0.9, >= 0.9.7)
      ruby_dep (~> 1.2)
    lumberjack (1.0.12)
    method_source (0.9.0)
    mini_portile2 (2.3.0)
    multi_json (1.13.1)
    nenv (0.3.0)
    nokogiri (1.8.2)
      mini_portile2 (~> 2.3.0)
    notiffany (0.1.1)
      nenv (~> 0.1)
      shellany (~> 0.0)
    pry (0.11.3)
      coderay (~> 1.1.0)
      method_source (~> 0.9.0)
    rack (1.4.7)
    rack-cache (1.7.1)
      rack (>= 0.4)
    rack-test (0.6.3)
      rack (>= 1.0)
    rake (0.9.6)
    rb-fsevent (0.10.2)
    rb-inotify (0.9.10)
      ffi (>= 0.5.0, < 2)
    rdoc (6.0.1)
    rspec (2.99.0)
      rspec-core (~> 2.99.0)
      rspec-expectations (~> 2.99.0)
      rspec-mocks (~> 2.99.0)
    rspec-core (2.99.2)
    rspec-expectations (2.99.2)
      diff-lcs (>= 1.1.3, < 2.0)
    rspec-mocks (2.99.4)
    ruby_dep (1.5.0)
    shellany (0.0.1)
    simplecov (0.15.1)
      docile (~> 1.1.0)
      json (>= 1.8, < 3)
      simplecov-html (~> 0.10.0)
    simplecov-html (0.10.2)
    sprockets (2.2.3)
      hike (~> 1.2)
      multi_json (~> 1.0)
      rack (~> 1.0)
      tilt (~> 1.1, != 1.3.0)
    sqlite3 (1.3.13)
    thor (0.20.0)
    tilt (1.4.1)
    tzinfo (0.3.53)

PLATFORMS
  ruby

DEPENDENCIES
  actionpack (~> 3.2)
  activerecord
  activerecord-jdbcsqlite3-adapter
  bundler (>= 1.0)
  database_cleaner (~> 0.7)
  guard
  guard-rspec
  jeweler (~> 1.8)
  jruby-openssl
  json (>= 1.8.5)
  nokogiri (~> 1.6)
  rake (~> 0.9)
  rspec (~> 2.8)
  rubycas-client!
  simplecov (~> 0.5)
  sqlite3 (~> 1.3)

BUNDLED WITH
   1.16.4
